PATH
  remote: .
  specs:
    yobot (0.0.1)
      eventmachine
      firering

GEM
  remote: http://rubygems.org/
  specs:
    addressable (2.2.6)
    diff-lcs (1.1.2)
    em-http-request (0.3.0)
      addressable (>= 2.0.0)
      escape_utils
      eventmachine (>= 0.12.9)
    escape_utils (0.2.3)
    eventmachine (0.12.10)
    firering (1.1.0)
      em-http-request (~> 0.3.0)
      eventmachine (~> 0.12.10)
      yajl-ruby (~> 0.7.6)
    rake (0.9.2)
    rspec (2.6.0)
      rspec-core (~> 2.6.0)
      rspec-expectations (~> 2.6.0)
      rspec-mocks (~> 2.6.0)
    rspec-core (2.6.4)
    rspec-expectations (2.6.0)
      diff-lcs (~> 1.1.2)
    rspec-mocks (2.6.0)
    yajl-ruby (0.7.9)

PLATFORMS
  ruby

DEPENDENCIES
  rake
  rspec (>= 2.0)
  yobot!
